PATH
  remote: ../alf-core
  specs:
    alf-core (0.13.0)
      domain (~> 1.0.0.rc4)
      myrrha (~> 3.0.0.rc7)
      path (~> 1.3)
      quickl (~> 0.4.3)
      sexpr (~> 0.5.1)

PATH
  remote: ../alf-rest
  specs:
    alf-rest (0.1.0)
      alf-core (~> 0.13.0)
      sinatra (~> 1.3)

PATH
  remote: ../alf-sequel
  specs:
    alf-sequel (0.13.0)
      alf-core (~> 0.13.0)
      sequel (~> 3.36)

GEM
  remote: http://rubygems.org/
  specs:
    diff-lcs (1.1.3)
    domain (1.0.0.rc4)
    myrrha (3.0.0.rc7)
      domain (~> 1.0.0.rc3)
    path (1.3.1)
    quickl (0.4.3)
    rack (1.4.4)
    rack-protection (1.3.2)
      rack
    rake (0.9.6)
    rspec (2.12.0)
      rspec-core (~> 2.12.0)
      rspec-expectations (~> 2.12.0)
      rspec-mocks (~> 2.12.0)
    rspec-core (2.12.2)
    rspec-expectations (2.12.1)
      diff-lcs (~> 1.1.3)
    rspec-mocks (2.12.1)
    sequel (3.43.0)
    sexpr (0.5.1)
    sinatra (1.3.3)
      rack (~> 1.3, >= 1.3.6)
      rack-protection (~> 1.2)
      tilt (~> 1.3, >= 1.3.3)
    tilt (1.3.3)

PLATFORMS
  ruby

DEPENDENCIES
  alf-core!
  alf-rest!
  alf-sequel!
  rake (~> 0.9.2)
  rspec (~> 2.10)
