GIT
  remote: git://github.com/alf-tool/alf-core.git
  revision: 31dbddeb8a3b98b10ba9687617094a56a4b6ff3f
  specs:
    alf-core (0.13.0)
      domain (~> 1.0.0.rc4)
      myrrha (~> 3.0.0.rc7)
      path (~> 1.3)
      sexpr (~> 0.5.1)

GIT
  remote: git://github.com/alf-tool/alf-rest.git
  revision: d37497ecafd0568eb9dca4ba4fbfcb185d73d4fb
  specs:
    alf-rest (0.1.0)
      alf-core (~> 0.13.0)
      sinatra (~> 1.3)

GIT
  remote: git://github.com/alf-tool/alf-sequel.git
  revision: 9d25964980b83973475698c5b443005d99ea158d
  specs:
    alf-sequel (0.13.0)
      alf-core (~> 0.13.0)
      sequel (~> 3.36)

GIT
  remote: git://github.com/alf-tool/alf-shell.git
  revision: 2c18b6ba96437253bfa08d54b0b30f2ec37c9d41
  specs:
    alf-shell (0.13.0)
      alf-core (~> 0.13.0)
      quickl (~> 0.4.3)

GEM
  remote: http://rubygems.org/
  specs:
    diff-lcs (1.1.3)
    domain (1.0.0.rc4)
    myrrha (3.0.0.rc7)
      domain (~> 1.0.0.rc3)
    path (1.3.1)
    pg (0.14.1)
    quickl (0.4.3)
    rack (1.5.0)
    rack-protection (1.3.2)
      rack
    rake (10.0.3)
    rspec (2.12.0)
      rspec-core (~> 2.12.0)
      rspec-expectations (~> 2.12.0)
      rspec-mocks (~> 2.12.0)
    rspec-core (2.12.2)
    rspec-expectations (2.12.1)
      diff-lcs (~> 1.1.3)
    rspec-mocks (2.12.1)
    sequel (3.43.0)
    sexpr (0.5.1)
    sinatra (1.3.3)
      rack (~> 1.3, >= 1.3.6)
      rack-protection (~> 1.2)
      tilt (~> 1.3, >= 1.3.3)
    sqlite3 (1.3.7)
    tilt (1.3.3)

PLATFORMS
  ruby

DEPENDENCIES
  alf-core!
  alf-rest!
  alf-sequel!
  alf-shell!
  jdbc-sqlite3 (~> 3.7)
  pg (~> 0.14)
  rake (~> 10.0)
  rspec (~> 2.12)
  sqlite3 (~> 1.3)
