GIT
  remote: git://github.com/alf-tool/alf-core.git
  revision: 1bfd32b8c75cee66b8af511934b566c766030a06
  specs:
    alf-core (0.13.0)
      domain (~> 1.0)
      myrrha (~> 3.0)
      path (~> 1.3)
      sexpr (~> 0.5.1)

GIT
  remote: git://github.com/alf-tool/alf-rest.git
  revision: 5a73bc2338cb75d43bcc0e613aba456aa73ac4fa
  specs:
    alf-rest (0.1.0)
      alf-core (~> 0.13.0)
      rack-accept (~> 0.4.5)
      sinatra (~> 1.3)

GIT
  remote: git://github.com/alf-tool/alf-sequel.git
  revision: 534082e2eee32c1ead41a93f16af758d1bd745da
  specs:
    alf-sequel (0.13.0)
      alf-core (~> 0.13.0)
      sequel (~> 3.48)

GIT
  remote: git://github.com/alf-tool/alf-shell.git
  revision: 7ba8163186aa10ad6514e21d4c6b8026a2cc7903
  specs:
    alf-shell (0.13.0)
      alf-core (~> 0.13.0)
      quickl (~> 0.4.3)

GEM
  remote: http://rubygems.org/
  specs:
    diff-lcs (1.1.3)
    domain (1.0.0)
    myrrha (3.0.0)
      domain (~> 1.0)
    path (1.3.1)
    pg (0.14.1)
    quickl (0.4.3)
    rack (1.5.2)
    rack-accept (0.4.5)
      rack (>= 0.4)
    rack-protection (1.5.0)
      rack
    rake (10.0.3)
    rspec (2.12.0)
      rspec-core (~> 2.12.0)
      rspec-expectations (~> 2.12.0)
      rspec-mocks (~> 2.12.0)
    rspec-core (2.12.2)
    rspec-expectations (2.12.1)
      diff-lcs (~> 1.1.3)
    rspec-mocks (2.12.2)
    sequel (3.48.0)
    sexpr (0.5.1)
    sinatra (1.4.3)
      rack (~> 1.4)
      rack-protection (~> 1.4)
      tilt (~> 1.3, >= 1.3.4)
    sqlite3 (1.3.7)
    tilt (1.4.1)

PLATFORMS
  ruby

DEPENDENCIES
  alf-core!
  alf-rest!
  alf-sequel!
  alf-shell!
  jdbc-sqlite3 (~> 3.7)
  pg (~> 0.14)
  rake (~> 10.0)
  rspec (~> 2.12)
  sqlite3 (~> 1.3)
