GIT
  remote: git://github.com/alf-tool/alf-core.git
  revision: 7dcf658510e2ef6b034ee07d219e71aae7f7d1bd
  specs:
    alf-core (0.13.1)
      domain (~> 1.0)
      myrrha (~> 3.0)
      path (~> 1.3)
      sexpr (~> 0.5.1)

GIT
  remote: git://github.com/alf-tool/alf-sequel.git
  revision: 85451d1c06e364881c693bd81be5634f6f77f110
  specs:
    alf-sequel (0.13.0)
      alf-core (~> 0.13.0)
      sequel (~> 3.48)

GIT
  remote: git://github.com/alf-tool/alf-shell.git
  revision: 7c944498abae32b0365b826aadf2fac2622221d9
  specs:
    alf-shell (0.13.0)
      alf-core (~> 0.13.0)
      quickl (~> 0.4.3)

GEM
  remote: http://rubygems.org/
  specs:
    diff-lcs (1.2.4)
    domain (1.0.0)
    myrrha (3.0.0)
      domain (~> 1.0)
    path (1.3.1)
    pg (0.14.1)
    quickl (0.4.3)
    rake (10.1.0)
    rspec (2.14.1)
      rspec-core (~> 2.14.0)
      rspec-expectations (~> 2.14.0)
      rspec-mocks (~> 2.14.0)
    rspec-core (2.14.4)
    rspec-expectations (2.14.0)
      diff-lcs (>= 1.1.3, < 2.0)
    rspec-mocks (2.14.1)
    sequel (3.48.0)
    sexpr (0.5.1)
    sqlite3 (1.3.7)

PLATFORMS
  ruby

DEPENDENCIES
  alf-core!
  alf-sequel!
  alf-shell!
  jdbc-sqlite3 (~> 3.7)
  pg (~> 0.14)
  rake (~> 10.1)
  rspec (~> 2.14)
  sqlite3 (~> 1.3)
