GEM
  remote: http://rubygems.org/
  specs:
    alf-core (0.13.0)
      domain (~> 1.0)
      myrrha (~> 3.0)
      path (~> 1.3)
      sexpr (~> 0.5.1)
    alf-sequel (0.13.0)
      alf-core (~> 0.13.0)
      sequel (~> 3.48)
    alf-shell (0.13.0)
      alf-core (~> 0.13.0)
      quickl (~> 0.4.3)
    diff-lcs (1.2.4)
    domain (1.0.0)
    myrrha (3.0.0)
      domain (~> 1.0)
    path (1.3.1)
    pg (0.14.1)
    quickl (0.4.3)
    rake (10.1.0)
    rspec (2.14.1)
      rspec-core (~> 2.14.0)
      rspec-expectations (~> 2.14.0)
      rspec-mocks (~> 2.14.0)
    rspec-core (2.14.4)
    rspec-expectations (2.14.0)
      diff-lcs (>= 1.1.3, < 2.0)
    rspec-mocks (2.14.1)
    sequel (3.48.0)
    sexpr (0.5.1)
    sqlite3 (1.3.7)

PLATFORMS
  ruby

DEPENDENCIES
  alf-core (~> 0.13.0)
  alf-sequel (~> 0.13.0)
  alf-shell (~> 0.13.0)
  jdbc-sqlite3 (~> 3.7)
  pg (~> 0.14)
  rake (~> 10.1)
  rspec (~> 2.14)
  sqlite3 (~> 1.3)
