PATH
  remote: .
  specs:
    alf (0.15.0)
      alf-core (~> 0.15.0)
      alf-rack (~> 0.15.0)
      alf-sequel (~> 0.15.0)
      alf-shell (~> 0.15.0)
      alf-sql (~> 0.15.0)
    alf-doc (0.15.0)
      alf-core (~> 0.15.0)
      wlang (~> 2.0)

PATH
  remote: ./alf-core
  specs:
    alf-core (0.15.0)
      domain (~> 1.0)
      myrrha (~> 3.0)
      path (~> 1.3)
      sexpr (~> 0.6.0)

PATH
  remote: ./alf-rack
  specs:
    alf-rack (0.15.0)
      alf-core (~> 0.15.0)
      rack (~> 1.5)
      rack-accept (~> 0.4.5)
      ruby_cop (~> 1.0)

PATH
  remote: ./alf-sequel
  specs:
    alf-sequel (0.15.0)
      alf-core (~> 0.15.0)
      alf-sql (~> 0.15.0)
      sequel (~> 4.2)

PATH
  remote: ./alf-shell
  specs:
    alf-shell (0.15.0)
      alf-core (~> 0.15.0)
      alf-doc (~> 0.15.0)
      quickl (~> 0.4.3)

PATH
  remote: ./alf-sql
  specs:
    alf-sql (0.15.0)
      alf-core (~> 0.15.0)
      sexpr (~> 0.6.0)

GEM
  remote: http://rubygems.org/
  specs:
    backports (2.8.2)
    citrus (2.4.1)
    diff-lcs (1.2.4)
    domain (1.0.0)
    myrrha (3.0.0)
      domain (~> 1.0)
    path (1.3.3)
    pg (0.17.0)
    quickl (0.4.3)
    rack (1.5.2)
    rack-accept (0.4.5)
      rack (>= 0.4)
    rake (10.1.0)
    rspec (2.14.1)
      rspec-core (~> 2.14.0)
      rspec-expectations (~> 2.14.0)
      rspec-mocks (~> 2.14.0)
    rspec-core (2.14.5)
    rspec-expectations (2.14.3)
      diff-lcs (>= 1.1.3, < 2.0)
    rspec-mocks (2.14.3)
    ruby_cop (1.0.5)
    sequel (4.3.0)
    sexpr (0.6.0)
    sqlite3 (1.3.8)
    temple (0.6.7)
    wlang (2.2.3)
      backports (~> 2.6)
      citrus (~> 2.4.1)
      path (~> 1.3)
      quickl (~> 0.4.3)
      temple (~> 0.6)

PLATFORMS
  ruby

DEPENDENCIES
  alf!
  alf-core!
  alf-rack!
  alf-sequel!
  alf-shell!
  alf-sql!
  jdbc-sqlite3 (~> 3.7)
  pg (~> 0.14)
  rake (~> 10.1)
  rspec (~> 2.14)
  sqlite3 (~> 1.3)
